PATH
  remote: .
  specs:
    russian_post (0.1.0)
      chunky_png (~> 1.2)
      excon (~> 0.20)
      nokogiri (~> 1.5)

GEM
  remote: https://rubygems.org/
  specs:
    addressable (2.3.4)
    chunky_png (1.2.7)
    crack (0.3.2)
    excon (0.20.1)
    nokogiri (1.5.9)
    rake (10.0.3)
    vcr (2.4.0)
    webmock (1.11.0)
      addressable (>= 2.2.7)
      crack (>= 0.3.2)

PLATFORMS
  ruby

DEPENDENCIES
  bundler (~> 1.3)
  rake
  russian_post!
  vcr (~> 2.4.0)
  webmock (~> 1.11)
